GEM
  remote: https://rubygems.org/
  specs:
    activemodel (4.0.4)
      activesupport (= 4.0.4)
      builder (~> 3.1.0)
    activerecord (4.0.4)
      activemodel (= 4.0.4)
      activerecord-deprecated_finders (~> 1.0.2)
      activesupport (= 4.0.4)
      arel (~> 4.0.0)
    activerecord-deprecated_finders (1.0.3)
    activesupport (4.0.4)
      i18n (~> 0.6, >= 0.6.9)
      minitest (~> 4.2)
      multi_json (~> 1.3)
      thread_safe (~> 0.1)
      tzinfo (~> 0.3.37)
    arel (4.0.2)
    atomic (1.1.16)
    builder (3.1.4)
    i18n (0.6.9)
    minitest (4.7.5)
    multi_json (1.9.2)
    mysql2 (0.3.15)
    rake (10.1.1)
    thread_safe (0.3.1)
      atomic (>= 1.1.7, < 2)
    tzinfo (0.3.39)

PLATFORMS
  ruby

DEPENDENCIES
  activerecord
  mysql2
  rake
