GIT
  remote: git://github.com/guilleiguaran/nancy.git
  revision: b3d9e74edee49298a17f360a4567d90c63ad0c55
  specs:
    nancy (0.4.0)
      rack

GEM
  remote: https://rubygems.org/
  specs:
    activemodel (4.0.4)
      activesupport (= 4.0.4)
      builder (~> 3.1.0)
    activerecord (4.0.4)
      activemodel (= 4.0.4)
      activerecord-deprecated_finders (~> 1.0.2)
      activesupport (= 4.0.4)
      arel (~> 4.0.0)
    activerecord-deprecated_finders (1.0.3)
    activesupport (4.0.4)
      i18n (~> 0.6, >= 0.6.9)
      minitest (~> 4.2)
      multi_json (~> 1.3)
      thread_safe (~> 0.1)
      tzinfo (~> 0.3.37)
    arel (4.0.2)
    atomic (1.1.16)
    bcrypt (3.1.7)
    bcrypt (3.1.7-x86-mingw32)
    builder (3.1.4)
    i18n (0.6.9)
    metaclass (0.0.4)
    minitest (4.7.5)
    mocha (1.0.0)
      metaclass (~> 0.0.1)
    multi_json (1.9.2)
    mysql2 (0.3.15)
    rack (1.5.2)
    rake (10.2.2)
    sqlite3 (1.3.9-x86-mingw32)
    thread_safe (0.3.1)
      atomic (>= 1.1.7, < 2)
    tilt (2.0.1)
    tzinfo (0.3.39)

PLATFORMS
  ruby
  x86-mingw32

DEPENDENCIES
  activerecord
  bcrypt
  minitest
  mocha
  mysql2
  nancy!
  rake
  sqlite3
  tilt
